GEM
  remote: http://rubygems.org/
  specs:
    addressable (2.2.8)
    cfoundry (0.3.10)
      json_pure (~> 1.6.5)
      rest-client (~> 1.6.1)
      rubyzip (~> 0.9.5)
    crack (0.3.1)
    emk-sinatra-url-for (0.2.1)
      sinatra (>= 0.9.1.1)
    haml (3.1.6)
    hashie (1.2.0)
    interact (0.4.5)
    json (1.7.3)
    json_pure (1.6.7)
    manifests-vmc-plugin (0.4.0)
      cfoundry (~> 0.3.9)
    mime-types (1.19)
    mothership (0.0.11)
    rack (1.4.1)
    rack-protection (1.2.0)
      rack
    rake (0.9.2.2)
    rb-readline (0.4.2)
    rest-client (1.6.7)
      mime-types (>= 1.16)
    rspec (1.3.2)
    rubyzip (0.9.9)
    sinatra (1.3.2)
      rack (~> 1.3, >= 1.3.6)
      rack-protection (~> 1.2)
      tilt (~> 1.3, >= 1.3.3)
    terminal-table (1.4.5)
    tilt (1.3.3)
    uuidtools (2.1.3)
    vmc (0.4.0.beta.23)
      addressable (~> 2.2.6)
      cfoundry (~> 0.3.10)
      interact (~> 0.4.0)
      interact (~> 0.4.5)
      json_pure (>= 1.5.1, < 1.7.0)
      json_pure (~> 1.6.5)
      manifests-vmc-plugin (~> 0.4.0)
      mothership (~> 0.0.11)
      rake
      rake
      rb-readline (~> 0.4.2)
      rest-client (>= 1.6.1, < 1.7.0)
      rspec
      rspec (~> 1.3.0)
      rubyzip (~> 0.9.4)
      terminal-table (~> 1.4.2)
      uuidtools (~> 2.1.0)
      webmock (~> 1.5.0)
    webmock (1.5.0)
      addressable (>= 2.2.2)
      crack (>= 0.1.7)

PLATFORMS
  ruby

DEPENDENCIES
  emk-sinatra-url-for
  haml
  hashie
  json
  sinatra
  vmc (>= 0.3.16.beta.5)
